GEM
  remote: https://rubygems.org/
  specs:
    dotenv (2.5.0)

PLATFORMS
  ruby

DEPENDENCIES
  dotenv

RUBY VERSION
   ruby 2.5.3p105

BUNDLED WITH
   1.17.1
