GEM
  remote: https://rubygems.org/
  specs:
    aws-eventstream (1.3.0)
    aws-partitions (1.856.0)
    aws-sdk-core (3.188.0)
      aws-eventstream (~> 1, >= 1.0.2)
      aws-partitions (~> 1, >= 1.651.0)
      aws-sigv4 (~> 1.5)
      jmespath (~> 1, >= 1.6.1)
    aws-sdk-kms (1.73.0)
      aws-sdk-core (~> 3, >= 3.188.0)
      aws-sigv4 (~> 1.1)
    aws-sdk-s3 (1.139.0)
      aws-sdk-core (~> 3, >= 3.188.0)
      aws-sdk-kms (~> 1)
      aws-sigv4 (~> 1.6)
    aws-sdk-sns (1.69.0)
      aws-sdk-core (~> 3, >= 3.188.0)
      aws-sigv4 (~> 1.1)
    aws-sigv4 (1.7.0)
      aws-eventstream (~> 1, >= 1.0.2)
    jmespath (1.6.2)

PLATFORMS
  ruby

DEPENDENCIES
  aws-sdk-s3 (~> 1.30)
  aws-sdk-sns (~> 1.9)

RUBY VERSION
   ruby 3.2.2p53

BUNDLED WITH
   2.4.10
